GEM
  remote: http://gems.xing.com/
  specs:
    CFPropertyList (2.3.5)
    activesupport (5.1.4)
      concurrent-ruby (~> 1.0, >= 1.0.2)
      i18n (~> 0.7)
      minitest (~> 5.1)
      tzinfo (~> 1.1)
    addressable (2.5.2)
      public_suffix (>= 2.0.2, < 4.0)
    allure-rspec (0.8.0)
      allure-ruby-adaptor-api (= 0.7.0)
      rspec (~> 3.5)
    allure-ruby-adaptor-api (0.7.0)
      mimemagic
      nokogiri (~> 1.7)
      uuid
    ansi (1.5.0)
    ast (2.3.0)
    awesome_print (1.8.0)
    builder (3.2.3)
    calabash-cucumber (0.21.1)
      awesome_print
      bundler (~> 1.3)
      clipboard (~> 1.0)
      cucumber
      edn (>= 1.0.6, < 2.0)
      geocoder (>= 1.1.8, < 2.0)
      httpclient (>= 2.7.1, < 3.0)
      json
      run_loop (>= 2.6.1, < 3.0)
      slowhandcuke (~> 0.0.3)
    capybara (2.15.4)
      addressable
      mini_mime (>= 0.1.3)
      nokogiri (>= 1.3.3)
      rack (>= 1.0.0)
      rack-test (>= 0.5.4)
      xpath (~> 2.0)
    capybara-firebug (2.1.0)
      capybara (>= 1.0, < 3.0)
      selenium-webdriver
    capybara-screenshot (1.0.17)
      capybara (>= 1.0, < 3)
      launchy
    childprocess (0.8.0)
      ffi (~> 1.0, >= 1.0.11)
    ci_reporter (2.0.0)
      builder (>= 2.1.2)
    ci_reporter_rspec (1.0.0)
      ci_reporter (~> 2.0)
      rspec (>= 2.14, < 4)
    clipboard (1.1.1)
    cliver (0.3.2)
    coderay (1.1.2)
    command_runner_ng (0.1.3)
    concurrent-ruby (1.0.5)
    connection_pool (2.2.1)
    cookiejar (0.3.3)
    cucumber (2.4.0)
      builder (>= 2.1.2)
      cucumber-core (~> 1.5.0)
      cucumber-wire (~> 0.0.1)
      diff-lcs (>= 1.1.3)
      gherkin (~> 4.0)
      multi_json (>= 1.7.5, < 2.0)
      multi_test (>= 0.1.2)
    cucumber-core (1.5.0)
      gherkin (~> 4.0)
    cucumber-wire (0.0.1)
    diff-lcs (1.3)
    domain_name (0.5.20170404)
      unf (>= 0.0.5, < 1.0.0)
    edn (1.1.1)
    em-http-request (1.1.5)
      addressable (>= 2.3.4)
      cookiejar (!= 0.3.1)
      em-socksify (>= 0.3)
      eventmachine (>= 1.0.3)
      http_parser.rb (>= 0.6.0)
    em-socksify (0.3.1)
      eventmachine (>= 1.0.0.beta.4)
    eventmachine (1.2.5)
    execjs (2.7.0)
    facets (3.1.0)
    ffi (1.9.18)
    fuubar (2.2.0)
      rspec-core (~> 3.0)
      ruby-progressbar (~> 1.4)
    geocoder (1.4.4)
    gherkin (4.1.3)
    http-cookie (1.0.3)
      domain_name (~> 0.5)
    http_parser.rb (0.6.0)
    httpclient (2.8.3)
    i18n (0.8.6)
    influxdb (0.4.1)
    json (1.8.6)
    launchy (2.4.3)
      addressable (~> 2.3)
    logjam_agent (0.25.3)
      activesupport
      time_bandits (>= 0.6.0)
    lorem_ipsum_amet (0.6.2)
    macaddr (1.7.1)
      systemu (~> 2.6.2)
    mail (2.6.6)
      mime-types (>= 1.16, < 4)
    method_source (0.9.0)
    mime (0.4.3)
    mime-types (3.1)
      mime-types-data (~> 3.2015)
    mime-types-data (3.2016.0521)
    mimemagic (0.3.2)
    mini_mime (0.1.4)
    mini_portile2 (2.3.0)
    minitest (5.10.3)
    multi_json (1.12.2)
    multi_test (0.1.2)
    namey (0.0.10)
      sequel
      sqlite3
    naturalsort (1.2.0)
    net-http-persistent (3.0.0)
      connection_pool (~> 2.2)
    net-ping (2.0.1)
    net-ssh (4.2.0)
    netrc (0.11.0)
    nokogiri (1.8.1)
      mini_portile2 (~> 2.3.0)
    parallel (1.12.0)
    parallel_tests (2.14.3)
      parallel
    parser (2.4.0.0)
      ast (~> 2.2)
    phantomjs (2.1.1.0)
    poltergeist (1.16.0)
      capybara (~> 2.1)
      cliver (~> 0.3.1)
      websocket-driver (>= 0.2.0)
    powerpack (0.1.1)
    pry (0.11.1)
      coderay (~> 1.1.0)
      method_source (~> 0.9.0)
    psych (2.2.4)
    public_suffix (3.0.0)
    rack (2.0.3)
    rack-test (0.7.0)
      rack (>= 1.0, < 3)
    rainbow (2.2.2)
      rake
    rake (12.1.0)
    random-word (1.3.0)
    rest-client (2.0.2)
      http-cookie (>= 1.0.2, < 2.0)
      mime-types (>= 1.16, < 4.0)
      netrc (~> 0.8)
    retriable (3.1.1)
    rspec (3.6.0)
      rspec-core (~> 3.6.0)
      rspec-expectations (~> 3.6.0)
      rspec-mocks (~> 3.6.0)
    rspec-core (3.6.0)
      rspec-support (~> 3.6.0)
    rspec-expectations (3.6.0)
      diff-lcs (>= 1.2.0, < 2.0)
      rspec-support (~> 3.6.0)
    rspec-mocks (3.6.0)
      diff-lcs (>= 1.2.0, < 2.0)
      rspec-support (~> 3.6.0)
    rspec-retry (0.5.5)
      rspec-core (> 3.3, < 3.7)
    rspec-support (3.6.0)
    rubocop (0.50.0)
      parallel (~> 1.10)
      parser (>= 2.3.3.1, < 3.0)
      powerpack (~> 0.1)
      rainbow (>= 2.2.2, < 3.0)
      ruby-progressbar (~> 1.7)
      unicode-display_width (~> 1.0, >= 1.0.1)
    ruby-gmail (0.3.1)
      mail (>= 2.2.1)
      mime (>= 0.1)
      shared-mime-info
    ruby-progressbar (1.9.0)
    rubyzip (1.2.1)
    run_loop (2.6.1)
      CFPropertyList (~> 2.2)
      awesome_print (~> 1.2)
      command_runner_ng (>= 0.0.2)
      httpclient (>= 2.7.1, < 3.0)
      i18n (>= 0.7.0, < 1.0)
      json (~> 1.8)
      thor (>= 0.18.1, < 1.0)
    selenium-webdriver (3.5.1)
      childprocess (~> 0.5)
      rubyzip (~> 1.0)
    sequel (4.38.0)
    shared-mime-info (0.2.5)
    slowhandcuke (0.0.3)
      cucumber
    sqlite3 (1.3.13)
    syntax (1.2.0)
    systemu (2.6.5)
    terminal-table (1.8.0)
      unicode-display_width (~> 1.1, >= 1.1.1)
    thor (0.20.0)
    thread_safe (0.3.6)
    thread_variables (0.2.0)
    time_bandits (0.10.8)
      activesupport (>= 2.3.2)
      thread_variables
    typhoeus (0.2.4.118)
      mime-types
    tzinfo (1.2.3)
      thread_safe (~> 0.1)
    unf (0.1.4)
      unf_ext
    unf_ext (0.0.7.4)
    unicode-display_width (1.3.0)
    uuid (2.3.8)
      macaddr (~> 1.0)
    webdriver-user-agent (7.4)
      facets
      json
      psych
      selenium-webdriver
    websocket-driver (0.6.5)
      websocket-extensions (>= 0.1.0)
    websocket-extensions (0.1.2)
    wts (0.14.2)
      allure-rspec
      ansi
      capybara
      capybara-firebug
      capybara-screenshot
      ci_reporter_rspec
      execjs
      fuubar
      influxdb (~> 0.1, >= 0.1.8)
      mime-types
      net-http-persistent
      parallel_tests
      phantomjs
      poltergeist (~> 1.7, >= 1.5.1)
      rspec
      rspec-retry
      selenium-webdriver
      webdriver-user-agent
      xing-rest_api
    xing-rest_api (1.29.4)
      activesupport
      json (>= 1.4, < 3)
      logjam_agent (>= 0.9.6)
      time_bandits (>= 0.8.0)
      typhoeus (~> 0.2.4.118)
    xing-scripts (1.22.5)
      em-http-request
      eventmachine (~> 1.0)
      json
      naturalsort
      net-ssh
      rest-client
      terminal-table
      thor (>= 0.15.2)
    xing-text_resources (1.5.1)
      activesupport
      i18n
      xing-rest_api
    xpath (2.1.0)
      nokogiri (~> 1.3)

PLATFORMS
  ruby

DEPENDENCIES
  calabash-cucumber
  lorem_ipsum_amet
  namey
  net-ping
  net-ssh
  pry
  random-word
  rest-client
  retriable
  rspec
  rspec-expectations
  rubocop
  ruby-gmail
  run_loop
  syntax
  wts
  xing-scripts
  xing-text_resources

BUNDLED WITH
   1.15.4
